GEM
  remote: http://rubygems.org/
  remote: http://gems.github.com/
  specs:
    builder (2.1.2)
    capybara (0.3.9)
      culerity (>= 0.2.4)
      mime-types (>= 1.16)
      nokogiri (>= 1.3.3)
      rack (>= 1.0.0)
      rack-test (>= 0.5.4)
      selenium-webdriver (>= 0.0.3)
    configuration (1.1.0)
    couch_potato (0.3.0)
      couchrest (>= 0.24)
      json
    couchrest (1.0.1)
      json (>= 1.4.6)
      mime-types (>= 1.15)
      rest-client (>= 1.5.1)
    cucumber (0.8.5)
      builder (~> 2.1.2)
      diff-lcs (~> 1.1.2)
      gherkin (~> 2.1.4)
      json_pure (~> 1.4.3)
      term-ansicolor (~> 1.0.4)
    culerity (0.2.12)
    diff-lcs (1.1.2)
    fakeweb (1.3.0)
    ffi (0.6.3)
      rake (>= 0.8.7)
    gherkin (2.1.5)
      trollop (~> 1.16.2)
    json (1.4.6)
    json_pure (1.4.6)
    launchy (0.3.7)
      configuration (>= 0.0.5)
      rake (>= 0.8.1)
    mime-types (1.16)
    moomerman-twitter_oauth (0.2.1)
      json (>= 1.1.2)
      mime-types (>= 1.15)
      oauth (>= 0.3.1)
    nokogiri (1.4.3.1)
    oauth (0.4.3)
    rack (1.2.1)
    rack-test (0.5.4)
      rack (>= 1.0)
    rake (0.8.7)
    rest-client (1.6.1)
      mime-types (>= 1.16)
    rspec (1.3.0)
    rubyzip (0.9.4)
    selenium-webdriver (0.0.28)
      ffi (>= 0.6.1)
      json_pure
      rubyzip
    sinatra (1.0)
      rack (>= 1.0)
    term-ansicolor (1.0.5)
    timecop (0.3.5)
    trollop (1.16.2)
    validatable (1.6.7)

PLATFORMS
  ruby

DEPENDENCIES
  capybara
  couch_potato
  cucumber
  fakeweb
  json
  launchy
  moomerman-twitter_oauth
  oauth
  rspec
  sinatra
  timecop
  validatable
